GEM
  remote: http://rubygems.org/
  specs:
    activemodel (3.2.9)
      activesupport (= 3.2.9)
      builder (~> 3.0.0)
    activerecord (3.2.9)
      activemodel (= 3.2.9)
      activesupport (= 3.2.9)
      arel (~> 3.0.2)
      tzinfo (~> 0.3.29)
    activesupport (3.2.9)
      i18n (~> 0.6)
      multi_json (~> 1.0)
    arel (3.0.2)
    builder (3.0.4)
    fig_newton (0.6)
      yml_reader (>= 0.2)
    i18n (0.6.1)
    minitest (4.3.1)
    multi_json (1.3.7)
    mysql2 (0.3.11)
    rake (10.0.2)
    tzinfo (0.3.35)
    yml_reader (0.2)

PLATFORMS
  ruby

DEPENDENCIES
  activerecord
  fig_newton
  minitest
  mysql2
  rake
